PATH
  remote: .
  specs:
    fluent-plugin-splunkhec (1.5)
      fluentd (>= 0.10.58, < 2)
      yajl-ruby (>= 1.3.0)

GEM
  remote: https://rubygems.org/
  specs:
    addressable (2.5.2)
      public_suffix (>= 2.0.2, < 4.0)
    cool.io (1.5.3)
    crack (0.4.3)
      safe_yaml (~> 1.0.0)
    dig_rb (1.0.1)
    fluentd (1.2.0)
      cool.io (>= 1.4.5, < 2.0.0)
      dig_rb (~> 1.0.0)
      http_parser.rb (>= 0.5.1, < 0.7.0)
      msgpack (>= 0.7.0, < 2.0.0)
      serverengine (>= 2.0.4, < 3.0.0)
      sigdump (~> 0.2.2)
      strptime (>= 0.2.2, < 1.0.0)
      tzinfo (~> 1.0)
      tzinfo-data (~> 1.0)
      yajl-ruby (~> 1.0)
    hashdiff (0.3.7)
    http_parser.rb (0.6.0)
    msgpack (1.2.4)
    power_assert (1.1.1)
    public_suffix (3.0.2)
    rake (0.9.6)
    safe_yaml (1.0.4)
    serverengine (2.0.6)
      sigdump (~> 0.2.2)
    sigdump (0.2.4)
    strptime (0.2.3)
    test-unit (3.2.7)
      power_assert
    thread_safe (0.3.6)
    tzinfo (1.2.5)
      thread_safe (~> 0.1)
    tzinfo-data (1.2018.5)
      tzinfo (>= 1.0.0)
    webmock (3.4.1)
      addressable (>= 2.3.6)
      crack (>= 0.3.2)
      hashdiff
    yajl-ruby (1.4.0)

PLATFORMS
  ruby

DEPENDENCIES
  fluent-plugin-splunkhec!
  rake (~> 0.9, >= 0.9.2)
  test-unit (~> 3.1, >= 3.1.0)
  webmock (>= 3.0)

BUNDLED WITH
   1.16.1
